GIT
  remote: https://github.com/dryrb/dry-logic
  revision: 306e7be930f90f498cf89e00f905bf5b4c906ab9
  branch: master
  specs:
    dry-logic (0.1.4)
      dry-container (~> 0.2, >= 0.2.6)
      dry-equalizer (~> 0.2)

GIT
  remote: https://github.com/dryrb/dry-types
  revision: 4bb11f64230d4b520b4ccf446f44045acdeeb5c8
  branch: master
  specs:
    dry-types (0.5.1)
      dry-configurable (~> 0.1)
      dry-container (~> 0.2)
      dry-equalizer (~> 0.2)
      dry-logic (~> 0.1)
      inflecto (~> 0.0.0, >= 0.0.2)
      kleisli (~> 0.2)
      thread_safe (~> 0.3)

GIT
  remote: https://github.com/dryrb/dry-validation
  revision: 1d7fc0cdc67e0e7cd18afefe6d6a866904095926
  branch: master
  specs:
    dry-validation (0.6.0)
      dry-configurable (~> 0.1, >= 0.1.3)
      dry-container (~> 0.2, >= 0.2.8)
      dry-equalizer (~> 0.2)
      dry-logic (~> 0.1, >= 0.1.4)
      dry-types (~> 0.5, >= 0.5.0)

PATH
  remote: .
  specs:
    formalist (0.2.2)
      dry-configurable
      dry-container
      dry-types
      dry-validation
      inflecto

GEM
  remote: https://rubygems.org/
  specs:
    ast (2.1.0)
    astrolabe (1.3.1)
      parser (~> 2.2)
    byebug (8.2.1)
    coderay (1.1.0)
    diff-lcs (1.2.5)
    docile (1.1.5)
    dry-configurable (0.1.3)
      thread_safe
    dry-container (0.3.0)
      dry-configurable (~> 0.1, >= 0.1.3)
      thread_safe
    dry-equalizer (0.2.0)
    inflecto (0.0.2)
    json (1.8.3)
    kleisli (0.2.7)
    method_source (0.8.2)
    parser (2.2.3.0)
      ast (>= 1.1, < 3.0)
    powerpack (0.1.1)
    pry (0.10.3)
      coderay (~> 1.1.0)
      method_source (~> 0.8.1)
      slop (~> 3.4)
    rainbow (2.0.0)
    rake (10.4.2)
    rspec (3.3.0)
      rspec-core (~> 3.3.0)
      rspec-expectations (~> 3.3.0)
      rspec-mocks (~> 3.3.0)
    rspec-core (3.3.2)
      rspec-support (~> 3.3.0)
    rspec-expectations (3.3.1)
      diff-lcs (>= 1.2.0, < 2.0)
      rspec-support (~> 3.3.0)
    rspec-mocks (3.3.2)
      diff-lcs (>= 1.2.0, < 2.0)
      rspec-support (~> 3.3.0)
    rspec-support (3.3.0)
    rubocop (0.34.2)
      astrolabe (~> 1.3)
      parser (>= 2.2.2.5, < 3.0)
      powerpack (~> 0.1)
      rainbow (>= 1.99.1, < 3.0)
      ruby-progressbar (~> 1.4)
    ruby-progressbar (1.7.5)
    simplecov (0.10.0)
      docile (~> 1.1.0)
      json (~> 1.8)
      simplecov-html (~> 0.10.0)
    simplecov-html (0.10.0)
    slop (3.6.0)
    thread_safe (0.3.5)
    yard (0.8.7.6)

PLATFORMS
  ruby

DEPENDENCIES
  bundler (~> 1.10)
  byebug
  dry-logic!
  dry-types!
  dry-validation!
  formalist!
  pry
  rake (~> 10.4.2)
  rspec (~> 3.3.0)
  rubocop (~> 0.34.2)
  simplecov (~> 0.10.0)
  yard

BUNDLED WITH
   1.11.2
