PATH
  remote: .
  specs:
    formalist (0.1.0)
      dry-data (>= 0.4.2)

GEM
  remote: https://rubygems.org/
  specs:
    ast (2.1.0)
    astrolabe (1.3.1)
      parser (~> 2.2)
    diff-lcs (1.2.5)
    docile (1.1.5)
    dry-configurable (0.1.2)
      thread_safe
    dry-container (0.2.7)
      dry-configurable (= 0.1.2)
      thread_safe
    dry-data (0.4.2)
      dry-configurable (~> 0.1)
      dry-container (~> 0.2)
      dry-equalizer (~> 0.2)
      inflecto (~> 0.0.0, >= 0.0.2)
      kleisli (~> 0.2)
      thread_safe (~> 0.3)
    dry-equalizer (0.2.0)
    inflecto (0.0.2)
    json (1.8.3)
    kleisli (0.2.7)
    parser (2.2.3.0)
      ast (>= 1.1, < 3.0)
    powerpack (0.1.1)
    rainbow (2.0.0)
    rake (10.4.2)
    rspec (3.3.0)
      rspec-core (~> 3.3.0)
      rspec-expectations (~> 3.3.0)
      rspec-mocks (~> 3.3.0)
    rspec-core (3.3.2)
      rspec-support (~> 3.3.0)
    rspec-expectations (3.3.1)
      diff-lcs (>= 1.2.0, < 2.0)
      rspec-support (~> 3.3.0)
    rspec-mocks (3.3.2)
      diff-lcs (>= 1.2.0, < 2.0)
      rspec-support (~> 3.3.0)
    rspec-support (3.3.0)
    rubocop (0.34.2)
      astrolabe (~> 1.3)
      parser (>= 2.2.2.5, < 3.0)
      powerpack (~> 0.1)
      rainbow (>= 1.99.1, < 3.0)
      ruby-progressbar (~> 1.4)
    ruby-progressbar (1.7.5)
    simplecov (0.10.0)
      docile (~> 1.1.0)
      json (~> 1.8)
      simplecov-html (~> 0.10.0)
    simplecov-html (0.10.0)
    thread_safe (0.3.5)
    yard (0.8.7.6)

PLATFORMS
  ruby

DEPENDENCIES
  bundler (~> 1.10)
  formalist!
  rake (~> 10.4.2)
  rspec (~> 3.3.0)
  rubocop (~> 0.34.2)
  simplecov (~> 0.10.0)
  yard

BUNDLED WITH
   1.11.2
